GEM
  remote: https://rubygems.org/
  specs:
    minitest (5.25.5)
    rake (13.3.0)

PLATFORMS
  x64-mingw-ucrt

DEPENDENCIES
  minitest
  rake

BUNDLED WITH
   2.7.0
